{
    "Modality": "MR",
    "MagneticFieldStrength": 3,
    "ImagingFrequency": 123.25,
    "Manufacturer": "Siemens",
    "ManufacturersModelName": "TrioTimGI",
    "InstitutionName": "Martinos Center Bay 3 AC88",
    "InstitutionAddress": "13th Street149, Charlestown, Boston, US, 02129",
    "DeviceSerialNumber": "35101",
    "StationName": "BAY3AC88",
    "PatientPosition": "HFS",
    "ProcedureStepDescription": "INVESTIGATORS^Conway",
    "SoftwareVersions": "syngo MR B13 4VB13A",
    "MRAcquisitionType": "2D",
    "SeriesDescription": "fMRI - 1.0 mm TR2000-13_Po",
    "ProtocolName": "fMRI - 1.0 mm TR2000-13_Po",
    "ScanningSequence": "EP",
    "SequenceVariant": "SK",
    "ScanOptions": "PFP",
    "SequenceName": "epfid2d1_96",
    "ImageType": [
        "ORIGINAL",
        "PRIMARY",
        "M",
        "ND",
        "MOSAIC"
    ],
    "SeriesNumber": 16,
    "AcquisitionTime": "17:18:6.462500",
    "AcquisitionNumber": 1,
    "SliceThickness": 1,
    "SpacingBetweenSlices": 1,
    "SAR": 0.0462658,
    "EchoTime": 0.013,
    "RepetitionTime": 2,
    "FlipAngle": 90,
    "PartialFourier": 0.75,
    "BaseResolution": 96,
    "ShimSetting": [
        130,
        145,
        -127,
        -4998,
        1911,
        -437,
        -4999,
        316
    ],
    "TxRefAmp": 74.698,
    "PhaseResolution": 1,
    "ReceiveCoilName": "Monkey_4Ch",
    "CoilString": "T:Rx1-4",
    "PulseSequenceDetails": "%CustomerSeq%\\ep2d_bold_MGH",
    "RefLinesPE": 24,
    "PercentPhaseFOV": 100,
    "PercentSampling": 100,
    "PhaseEncodingSteps": 72,
    "AcquisitionMatrixPE": 96,
    "ReconMatrixPE": 96,
    "BandwidthPerPixelPhaseEncode": 33.602,
    "ParallelReductionFactorInPlane": 2,
    "EffectiveEchoSpacing": 0.000310001,
    "DerivedVendorReportedEchoSpacing": 0.000620003,
    "TotalReadoutTime": 0.0294501,
    "PixelBandwidth": 1860,
    "DwellTime": 2.8e-06,
    "PhaseEncodingDirection": "i",
    "SliceTiming": [
        1,
        0,
        1.04,
        0.04,
        1.08,
        0.08,
        1.12,
        0.12,
        1.16,
        0.16,
        1.2,
        0.2,
        1.24,
        0.24,
        1.28,
        0.28,
        1.32,
        0.32,
        1.36,
        0.36,
        1.4,
        0.4,
        1.44,
        0.44,
        1.48,
        0.48,
        1.52,
        0.52,
        1.56,
        0.56,
        1.6,
        0.6,
        1.64,
        0.64,
        1.68,
        0.68,
        1.72,
        0.72,
        1.76,
        0.76,
        1.8,
        0.8,
        1.84,
        0.84,
        1.88,
        0.88,
        1.92,
        0.92,
        1.96,
        0.96
    ],
    "ImageOrientationPatientDICOM": [
        1,
        0,
        0,
        0,
        0.364877,
        -0.931056
    ],
    "InPlanePhaseEncodingDirectionDICOM": "ROW",
    "ConversionSoftware": "dcm2niix",
    "ConversionSoftwareVersion": "v1.0.20210317",
    "TaskName": "meridianmapper"
}